PATH
  remote: .
  specs:
    drug_shortage_cli (0.1.0)

GEM
  remote: https://rubygems.org/
  specs:
    rake (13.0.1)

PLATFORMS
  ruby

DEPENDENCIES
  bundler (~> 2.0)
  drug_shortage_cli!
  rake (>= 12.3.3)
  Nokogiri

BUNDLED WITH
   2.0.1
